PATH
  remote: .
  specs:
    gh-pivotal (0.0.0)
      nokogiri (~> 1.4.7)
      octokit (~> 0.6.5)
      sinatra (~> 1.2.8)

GEM
  remote: http://rubygems.org/
  specs:
    addressable (2.2.6)
    coderay (1.0.5)
    diff-lcs (1.1.3)
    faraday (0.7.6)
      addressable (~> 2.2)
      multipart-post (~> 1.1)
      rack (~> 1.1)
    faraday_middleware (0.7.0)
      faraday (~> 0.7.3)
    git (1.2.5)
    hashie (1.2.0)
    jeweler (1.8.3)
      bundler (~> 1.0)
      git (>= 1.2.5)
      rake
      rdoc
    json (1.6.5)
    method_source (0.7.0)
    multi_json (1.0.4)
    multipart-post (1.1.4)
    nokogiri (1.4.7)
    octokit (0.6.5)
      addressable (~> 2.2.6)
      faraday (~> 0.7.4)
      faraday_middleware (~> 0.7.0)
      hashie (~> 1.2.0)
      multi_json (~> 1.0.2)
    pry (0.9.8.1)
      coderay (~> 1.0.5)
      method_source (~> 0.7)
      slop (>= 2.4.3, < 3)
    rack (1.4.1)
    rack-test (0.6.1)
      rack (>= 1.0)
    rake (0.9.2.2)
    rdoc (3.12)
      json (~> 1.4)
    rspec (2.8.0)
      rspec-core (~> 2.8.0)
      rspec-expectations (~> 2.8.0)
      rspec-mocks (~> 2.8.0)
    rspec-core (2.8.0)
    rspec-expectations (2.8.0)
      diff-lcs (~> 1.1.2)
    rspec-mocks (2.8.0)
    simplecov (0.5.4)
      multi_json (~> 1.0.3)
      simplecov-html (~> 0.5.3)
    simplecov-html (0.5.3)
    sinatra (1.2.8)
      rack (~> 1.1)
      tilt (>= 1.2.2, < 2.0)
    slop (2.4.3)
    tilt (1.3.3)

PLATFORMS
  ruby

DEPENDENCIES
  gh-pivotal!
  jeweler (~> 1.8.3)
  nokogiri (~> 1.4.7)
  octokit (~> 0.6.5)
  pry
  rack (~> 1.4.1)
  rack-test
  rdoc (~> 3.12)
  rspec (~> 2.8.0)
  simplecov (~> 0.5.4)
  sinatra (~> 1.2.8)
